PATH
  remote: .
  specs:
    datura (0.2.0)
      byebug (~> 11.0)
      colorize (~> 0.8.1)
      nokogiri (~> 1.10)
      pdf-reader (~> 2.12)
      rest-client (~> 2.1)

GEM
  remote: https://rubygems.org/
  specs:
    Ascii85 (1.1.1)
    afm (0.2.2)
    bigdecimal (3.1.8)
    byebug (11.1.3)
    colorize (0.8.1)
    domain_name (0.6.20240107)
    hashery (2.1.2)
    http-accept (1.7.0)
    http-cookie (1.0.7)
      domain_name (~> 0.5)
    mime-types (3.5.2)
      mime-types-data (~> 3.2015)
    mime-types-data (3.2024.0903)
    mini_portile2 (2.8.7)
    minitest (5.16.3)
    netrc (0.11.0)
    nokogiri (1.16.7)
      mini_portile2 (~> 2.8.2)
      racc (~> 1.4)
    nokogiri (1.16.7-x86_64-darwin)
      racc (~> 1.4)
    pdf-reader (2.12.0)
      Ascii85 (~> 1.0)
      afm (~> 0.2.1)
      hashery (~> 2.0)
      ruby-rc4
      ttfunk
    racc (1.8.1)
    rake (13.0.6)
    rest-client (2.1.0)
      http-accept (>= 1.7.0, < 2.0)
      http-cookie (>= 1.0.2, < 2.0)
      mime-types (>= 1.16, < 4.0)
      netrc (~> 0.8)
    ruby-rc4 (0.1.5)
    ttfunk (1.8.0)
      bigdecimal (~> 3.1)

PLATFORMS
  ruby
  x86_64-darwin-20

DEPENDENCIES
  bundler (>= 1.16.0, < 3.0)
  datura!
  minitest (~> 5.0)
  rake (~> 13.0)

BUNDLED WITH
   2.2.33
